GEM
  remote: http://rubygems.org/
  specs:
    builder (3.0.0)
    hpricot (0.8.6)
    rack (3.0.7)
    rdiscount (1.6.8)
    toto (0.4.9)
      builder
      rack
      rdiscount

PLATFORMS
  ruby

DEPENDENCIES
  builder
  hpricot
  rdiscount
  toto
